GEM
  remote: https://rubygems.org/
  specs:
    httparty (0.21.0)
      mini_mime (>= 1.0.0)
      multi_xml (>= 0.5.2)
    mini_mime (1.1.2)
    multi_xml (0.6.0)
    rexml (3.2.2)

PLATFORMS
  ruby

DEPENDENCIES
  httparty
  rexml
